PATH
  remote: .
  specs:
    hangman_strategy (0.0.1)

GEM
  remote: https://rubygems.org/
  specs:
    minitest (5.2.0)
    rake (10.1.0)

PLATFORMS
  java

DEPENDENCIES
  bundler (~> 1.3)
  hangman_strategy!
  minitest (~> 5.2)
  rake
